GEM
  remote: http://rubygems.org/
  specs:
    coderay (1.1.1)
    elo (0.1.0)
    method_source (0.8.2)
    pry (0.10.4)
      coderay (~> 1.1.0)
      method_source (~> 0.8.1)
      slop (~> 3.4)
    slop (3.6.0)
    term-ansicolor (1.6.0)
      tins (~> 1.0)
    terminal-table (1.7.3)
      unicode-display_width (~> 1.1.1)
    tins (1.13.2)
    unicode-display_width (1.1.3)

PLATFORMS
  ruby

DEPENDENCIES
  elo
  pry
  term-ansicolor
  terminal-table

BUNDLED WITH
   1.14.3
